GIT
  remote: git://github.com/alexxty7/codebreaker.git
  revision: 6e9f42a1bf4b4a919b253e4be0c85e622b5d15b0
  branch: for_rack_app
  specs:
    codebreaker (0.1.0)

GEM
  remote: https://rubygems.org/
  specs:
    rack (1.6.4)

PLATFORMS
  ruby

DEPENDENCIES
  codebreaker!
  rack

BUNDLED WITH
   1.12.1
